GIT
  remote: https://github.com/sapslaj/cleverbot.git
  revision: 1ca80c8b838ce2b2e87d5d0b0e573129a74e250b
  specs:
    cleverbot (0.2.0)
      hashie
      httparty (>= 0.8.1, < 1.0)

GEM
  remote: https://rubygems.org/
  specs:
    activesupport (4.2.4)
      i18n (~> 0.7)
      json (~> 1.7, >= 1.7.7)
      minitest (~> 5.1)
      thread_safe (~> 0.3, >= 0.3.4)
      tzinfo (~> 1.1)
    addressable (2.3.8)
    buftok (0.2.0)
    cinch (2.3.1)
    cinch-authentication (0.1.1)
      cinch (~> 2.0)
    cinch-identify (1.7.0)
      cinch (~> 2.0)
    cinch-strawpoll (0.0.9)
      cinch (~> 2.3.1, >= 2.3.1)
      cinch-authentication (~> 0.1.1)
      json (~> 1.8.3, >= 1.8.3)
    cinch-toolbox (1.1.4)
      nokogiri (~> 1.6.0)
    domain_name (0.5.25)
      unf (>= 0.0.5, < 1.0.0)
    equalizer (0.0.10)
    faraday (0.9.2)
      multipart-post (>= 1.2, < 3)
    google-search (1.0.3)
      json
    hashie (3.4.3)
    http (0.9.8)
      addressable (~> 2.3)
      http-cookie (~> 1.0)
      http-form_data (~> 1.0.1)
      http_parser.rb (~> 0.6.0)
    http-cookie (1.0.2)
      domain_name (~> 0.5)
    http-form_data (1.0.1)
    http_parser.rb (0.6.0)
    httparty (0.13.5)
      json (~> 1.8)
      multi_xml (>= 0.5.2)
    i18n (0.7.0)
    json (1.8.3)
    memoizable (0.4.2)
      thread_safe (~> 0.3, >= 0.3.1)
    mini_portile (0.6.2)
    minitest (5.8.1)
    multi_xml (0.5.5)
    multipart-post (2.0.0)
    naught (1.1.0)
    nokogiri (1.6.6.2)
      mini_portile (~> 0.6.0)
    simple_oauth (0.3.1)
    thread_safe (0.3.5)
    time_sentence (1.0.1)
    twitter (5.15.0)
      addressable (~> 2.3)
      buftok (~> 0.2.0)
      equalizer (= 0.0.10)
      faraday (~> 0.9.0)
      http (>= 0.4, < 0.10)
      http_parser.rb (~> 0.6.0)
      json (~> 1.8)
      memoizable (~> 0.4.0)
      naught (~> 1.0)
      simple_oauth (~> 0.3.0)
    tzinfo (1.2.2)
      thread_safe (~> 0.1)
    unf (0.1.4)
      unf_ext
    unf_ext (0.0.7.1)
    wolfram-alpha (0.3.1)
      nokogiri

PLATFORMS
  ruby

DEPENDENCIES
  activesupport (= 4.2.4)
  cinch (= 2.3.1)
  cinch-authentication (= 0.1.1)
  cinch-identify (= 1.7.0)
  cinch-strawpoll (= 0.0.9)
  cinch-toolbox (= 1.1.4)
  cleverbot!
  google-search (= 1.0.3)
  httparty (= 0.13.5)
  json (= 1.8.3)
  time_sentence (= 1.0.1)
  twitter (= 5.15.0)
  wolfram-alpha (= 0.3.1)
