GEM
  remote: https://rubygems.org/
  specs:
    minitest (5.8.1)

PLATFORMS
  ruby

DEPENDENCIES
  minitest

BUNDLED WITH
   1.11.2
