GEM
  remote: https://rubygems.org/
  specs:
    ansi (1.5.0)
    builder (3.2.2)
    cinch (2.3.2)
    cinch-identify (1.7.0)
      cinch (~> 2.0)
    minitest (5.8.4)
    minitest-reporters (1.1.9)
      ansi
      builder
      minitest (>= 5.0)
      ruby-progressbar
    rake (11.1.2)
    ruby-progressbar (1.8.0)

PLATFORMS
  ruby

DEPENDENCIES
  cinch
  cinch-identify
  minitest
  minitest-reporters
  rake

BUNDLED WITH
   1.11.2
