GIT
  remote: https://github.com/jalada/cleverbot.git
  revision: 75717384e88739eea1d8b8af8635f9dfa74309ad
  specs:
    cleverbot (0.2.0)
      httparty (>= 0.8.1, < 1.0)

GEM
  remote: https://rubygems.org/
  specs:
    activesupport (4.2.4)
      i18n (~> 0.7)
      json (~> 1.7, >= 1.7.7)
      minitest (~> 5.1)
      thread_safe (~> 0.3, >= 0.3.4)
      tzinfo (~> 1.1)
    cinch (2.2.6)
    cinch-authentication (0.1.1)
      cinch (~> 2.0)
    cinch-identify (1.7.0)
      cinch (~> 2.0)
    httparty (0.13.5)
      json (~> 1.8)
      multi_xml (>= 0.5.2)
    i18n (0.7.0)
    json (1.8.3)
    minitest (5.8.0)
    multi_xml (0.5.5)
    thread_safe (0.3.5)
    time_sentence (1.0.1)
    tzinfo (1.2.2)
      thread_safe (~> 0.1)

PLATFORMS
  ruby

DEPENDENCIES
  activesupport
  cinch
  cinch-authentication
  cinch-identify
  cleverbot!
  httparty
  json
  time_sentence
