GEM
  remote: https://rubygems.org/
  specs:
    activesupport (4.2.4)
      i18n (~> 0.7)
      json (~> 1.7, >= 1.7.7)
      minitest (~> 5.1)
      thread_safe (~> 0.3, >= 0.3.4)
      tzinfo (~> 1.1)
    cinch (2.2.6)
    cinch-authentication (0.1.1)
      cinch (~> 2.0)
    cinch-identify (1.7.0)
      cinch (~> 2.0)
    i18n (0.7.0)
    json (1.8.3)
    minitest (5.8.0)
    thread_safe (0.3.5)
    time_sentence (1.0.1)
    tzinfo (1.2.2)
      thread_safe (~> 0.1)

PLATFORMS
  ruby

DEPENDENCIES
  activesupport (= 4.2.4)
  cinch (= 2.2.6)
  cinch-authentication (= 0.1.1)
  cinch-identify (= 1.7.0)
  json (= 1.8.3)
  time_sentence (= 1.0.1)
